GEM
  remote: https://rubygems.org/
  specs:
    minitest (5.2.3)

PLATFORMS
  ruby

DEPENDENCIES
  minitest
